GEM
  remote: https://rubygems.org/
  specs:
    pg (1.5.6)

PLATFORMS
  arm64-darwin-23
  ruby

DEPENDENCIES
  pg

RUBY VERSION
   ruby 3.3.0p0

BUNDLED WITH
   2.5.3
